GEM
  remote: https://rubygems.org/
  specs:
    ast (2.4.0)
    excon (0.62.0)
    jaro_winkler (1.5.1)
    json (2.1.0)
    multi_json (1.13.1)
    neography (1.8.0)
      excon (>= 0.33.0)
      json (>= 1.7.7)
      multi_json (>= 1.3.2)
      os (>= 0.9.6)
      rake (>= 0.8.7)
      rubyzip (>= 1.0.0)
    os (1.0.0)
    parallel (1.12.1)
    parser (2.5.1.2)
      ast (~> 2.4.0)
    powerpack (0.1.2)
    rainbow (3.0.0)
    rake (12.3.1)
    rubocop (0.58.2)
      jaro_winkler (~> 1.5.1)
      parallel (~> 1.10)
      parser (>= 2.5, != 2.5.1.1)
      powerpack (~> 0.1)
      rainbow (>= 2.2.2, < 4.0)
      ruby-progressbar (~> 1.7)
      unicode-display_width (~> 1.0, >= 1.0.1)
    ruby-progressbar (1.10.0)
    rubyzip (1.2.1)
    unicode-display_width (1.4.0)

PLATFORMS
  ruby

DEPENDENCIES
  neography (~> 1.8.0)
  rubocop (~> 0.58.2)

BUNDLED WITH
   1.16.1
